GEM
  remote: https://rubygems.org/
  specs:
    asciidoctor (2.0.10)
    asciidoctor-revealjs (2.0.0)
      asciidoctor (>= 1.5.6, < 2.1)
      concurrent-ruby (~> 1.0)
      thread_safe (~> 0.3.5)
    concurrent-ruby (1.1.5)
    ffi (1.11.1)
    sassc (2.2.1)
      ffi (~> 1.9)
    thread_safe (0.3.6)

PLATFORMS
  ruby

DEPENDENCIES
  asciidoctor-revealjs
  sassc

BUNDLED WITH
   2.0.2
